PATH
  remote: .
  specs:
    couchrest_changes (0.2.2)
      couchrest (~> 1.1.3)
      syslog_logger (~> 2.0.0)
      yajl-ruby

GEM
  remote: http://rubygems.org/
  specs:
    couchrest (1.1.3)
      mime-types (~> 1.15)
      multi_json (~> 1.0)
      rest-client (~> 1.6.1)
    highline (1.6.19)
    json (1.8.2)
    metaclass (0.0.1)
    mime-types (1.25.1)
    minitest (5.4.3)
    mocha (0.14.0)
      metaclass (~> 0.0.1)
    multi_json (1.11.0)
    rake (10.1.0)
    rdoc (4.2.0)
      json (~> 1.4)
    rest-client (1.6.8)
      mime-types (~> 1.16)
      rdoc (>= 2.4.2)
    syslog_logger (2.0.1)
    yajl-ruby (1.2.1)

PLATFORMS
  ruby

DEPENDENCIES
  couchrest_changes!
  highline
  minitest (~> 5.4.0)
  mocha
  rake
